PATH
  remote: .
  specs:
    cukesalad (0.8.1)
      aruba (= 0.4.3)
      cucumber (= 1.0.6)
      rspec (>= 2.5.0)

GEM
  remote: http://rubygems.org/
  specs:
    archive-tar-minitar (0.5.2)
    aruba (0.4.3)
      bcat (>= 0.6.1)
      childprocess (>= 0.1.9)
      cucumber (>= 0.10.7)
      rdiscount (>= 1.6.8)
      rspec (>= 2.6.0)
    bcat (0.6.2)
      rack (~> 1.0)
    builder (3.0.0)
    childprocess (0.2.2)
      ffi (~> 1.0.6)
    cucumber (1.0.6)
      builder (>= 2.1.2)
      diff-lcs (>= 1.1.2)
      gherkin (~> 2.4.18)
      json (>= 1.4.6)
      term-ansicolor (>= 1.0.6)
    diff-lcs (1.1.3)
    ffi (1.0.9)
    ffi (1.0.9-java)
    gherkin (2.4.21)
      json (>= 1.4.6)
    gherkin (2.4.21-java)
      json (>= 1.4.6)
    json (1.4.6)
    json (1.4.6-java)
    mime-types (1.16)
    rack (1.3.3)
    rake (0.9.2)
    rdiscount (1.6.8)
    relish (0.3.0)
      archive-tar-minitar (~> 0.5.2)
      json (~> 1.4.6)
      rest-client (~> 1.6.1)
    rest-client (1.6.7)
      mime-types (>= 1.16)
    rspec (2.6.0)
      rspec-core (~> 2.6.0)
      rspec-expectations (~> 2.6.0)
      rspec-mocks (~> 2.6.0)
    rspec-core (2.6.4)
    rspec-expectations (2.6.0)
      diff-lcs (~> 1.1.2)
    rspec-mocks (2.6.0)
    term-ansicolor (1.0.6)

PLATFORMS
  java
  ruby

DEPENDENCIES
  bundler (~> 1.0.0)
  cukesalad!
  rake (~> 0.9.2)
  relish (= 0.3.0)
